GEM
  remote: https://rubygems.org/
  specs:
    RedCloth (4.3.2)
    addressable (2.5.2)
      public_suffix (>= 2.0.2, < 4.0)
    classifier-reborn (2.2.0)
      fast-stemmer (~> 1.0)
    colorator (1.1.0)
    execjs (2.7.0)
    fast-stemmer (1.0.2)
    ffi (1.9.18)
    forwardable-extended (2.6.0)
    git (1.3.0)
    gsl (2.1.0.3)
    jekyll (3.4.5)
      addressable (~> 2.4)
      colorator (~> 1.0)
      jekyll-sass-converter (~> 1.0)
      jekyll-watch (~> 1.1)
      kramdown (~> 1.3)
      liquid (~> 3.0)
      mercenary (~> 0.3.3)
      pathutil (~> 0.9)
      rouge (~> 1.7)
      safe_yaml (~> 1.0)
    jekyll-graphviz (0.1.0)
    jekyll-paginate (1.1.0)
    jekyll-sass-converter (1.5.1)
      sass (~> 3.4)
    jekyll-sitemap (1.1.1)
      jekyll (~> 3.3)
    jekyll-watch (1.5.0)
      listen (~> 3.0, < 3.1)
    kramdown (1.16.2)
    libv8 (3.16.14.19)
    liquid (3.0.6)
    listen (3.0.8)
      rb-fsevent (~> 0.9, >= 0.9.4)
      rb-inotify (~> 0.9, >= 0.9.7)
    mercenary (0.3.6)
    multi_json (1.12.2)
    pathutil (0.16.1)
      forwardable-extended (~> 2.6)
    public_suffix (2.0.5)
    pygments.rb (1.2.1)
      multi_json (>= 1.0.0)
    rb-fsevent (0.10.2)
    rb-inotify (0.9.10)
      ffi (>= 0.5.0, < 2)
    rdiscount (2.2.0.1)
    ref (2.0.0)
    rouge (1.11.1)
    safe_yaml (1.0.4)
    sass (3.5.4)
      sass-listen (~> 4.0.0)
    sass-listen (4.0.0)
      rb-fsevent (~> 0.9, >= 0.9.4)
      rb-inotify (~> 0.9, >= 0.9.7)
    therubyracer (0.12.3)
      libv8 (~> 3.16.14.15)
      ref
    zip (2.0.2)

PLATFORMS
  ruby

DEPENDENCIES
  RedCloth
  classifier-reborn
  execjs
  git
  gsl
  jekyll
  jekyll-graphviz
  jekyll-paginate
  jekyll-sitemap
  pygments.rb
  rdiscount
  therubyracer
  zip

BUNDLED WITH
   1.16.0
